GEM
  remote: https://rubygems.org/
  specs:
    coffee-script (2.2.0)
      coffee-script-source
      execjs
    coffee-script-source (1.7.0)
    execjs (2.0.2)
    haml (4.0.5)
      tilt
    hike (1.2.3)
    multi_json (1.8.4)
    rack (1.5.2)
    rack-protection (1.5.2)
      rack
    rake (10.1.1)
    redcarpet (3.0.0)
    sass (3.2.14)
    sinatra (1.4.4)
      rack (~> 1.4)
      rack-protection (~> 1.4)
      tilt (~> 1.3, >= 1.3.4)
    sinatra-asset-pipeline (0.3.3)
      coffee-script
      rake
      sass
      sinatra
      sprockets
      sprockets-helpers
      sprockets-sass
    sprockets (2.10.1)
      hike (~> 1.2)
      multi_json (~> 1.0)
      rack (~> 1.0)
      tilt (~> 1.1, != 1.3.0)
    sprockets-helpers (1.1.0)
      sprockets (~> 2.0)
    sprockets-sass (1.0.2)
      sprockets (~> 2.0)
      tilt (~> 1.1)
    tilt (1.4.1)

PLATFORMS
  ruby

DEPENDENCIES
  haml
  redcarpet
  sinatra
  sinatra-asset-pipeline
